GEM
  remote: https://rubygems.org/
  specs:
    datacraft (0.1.1)
      thor (~> 0)
    faker (1.4.3)
      i18n (~> 0.5)
    i18n (0.7.0)
    thor (0.19.1)

PLATFORMS
  ruby

DEPENDENCIES
  datacraft
  faker

BUNDLED WITH
   1.10.5
