GEM
  remote: https://rubygems.org/
  specs:
    datacraft (0.4.0)
      thor (~> 0)
      thread (~> 0)
    datacraft-tools (0.1.1)
      nokogiri
      nori (~> 2.6)
    faker (1.5.0)
      i18n (~> 0.5)
    i18n (0.7.0)
    mini_portile (0.6.2)
    nokogiri (1.6.6.2)
      mini_portile (~> 0.6.0)
    nori (2.6.0)
    thor (0.19.1)
    thread (0.2.2)

PLATFORMS
  ruby

DEPENDENCIES
  datacraft
  datacraft-tools
  faker

BUNDLED WITH
   1.10.6
